ObjectType = Image
CompressedData = False
BinaryData = True
NDims = 3
DataType = uchar
DimSize = 512 512 56 
ElementSize = 1 1 1
ElementSpacing =  1 1 1
ElementType = MET_UCHAR
ElementByteOrderMSB = False
ElementDataFile = Elastix_3D_Rigid_Dir_moving.raw
