ObjectType = Image
CompressedData = False
BinaryData = True
NDims = 2
DataType = uchar
DimSize = 512 512 
ElementSize = 1 1
ElementSpacing =  1 1
ElementType = MET_UCHAR
ElementByteOrderMSB = False
ElementDataFile = Temp_target.raw
